NUGET
  remote: https://www.nuget.org/api/v2
  specs:
    FluentCommandLineParser (1.4.3)
    Microsoft.Owin (3.0.1)
      Owin (>= 1.0)
    Microsoft.Owin.Diagnostics (3.0.1)
      Microsoft.Owin (>= 3.0.1)
      Owin (>= 1.0)
    Microsoft.Owin.Host.HttpListener (3.0.1)
    Microsoft.Owin.Hosting (3.0.1)
      Microsoft.Owin (>= 3.0.1)
      Owin (>= 1.0)
    Microsoft.Owin.SelfHost (3.0.1)
      Microsoft.Owin (>= 3.0.1)
      Microsoft.Owin.Diagnostics (>= 3.0.1)
      Microsoft.Owin.Host.HttpListener (>= 3.0.1)
      Microsoft.Owin.Hosting (>= 3.0.1)
      Owin (>= 1.0)
    Newtonsoft.Json (8.0.3)
    Owin (1.0)
  remote: https://www.myget.org/F/jajo/api/v2
  specs:
    JaJo.Projects.Templating (1.0.0.34)
    SuperGlue.Configuration (1.0.0.339)
      Newtonsoft.Json
    SuperGlue.Hosting.FastCgi (1.1.0.4)
      SuperGlue.Configuration
    SuperGlue.Hosting.Katana (1.1.0.4)
      Microsoft.Owin.SelfHost (>= 3.0.1)
      SuperGlue.Configuration
